GEM
  remote: https://rubygems.org/
  specs:
    minitest (5.15.0)
    ruby2d (0.11.1)

PLATFORMS
  x86_64-darwin-20

DEPENDENCIES
  minitest (~> 5.15)
  ruby2d (~> 0.11.1)

BUNDLED WITH
   2.2.32
